GEM
  remote: https://rubygems.org/
  specs:
    amq-protocol (1.6.0)
    awesome_print (1.1.0)
    bunny (0.9.0.rc1)
      amq-protocol (>= 1.6.0)
    celluloid (0.14.1)
      timers (>= 1.0.0)
    hiredis (0.4.5)
    oj (2.1.2)
    parallel (0.7.0)
    redis (3.0.4)
    timers (1.1.0)
    uuidtools (2.1.4)

PLATFORMS
  ruby

DEPENDENCIES
  awesome_print
  bunny (~> 0.9.0.rc1)
  celluloid
  hiredis
  oj
  parallel
  redis
  uuidtools
