GEM
  remote: https://rubygems.org/
  specs:
    amq-protocol (1.6.0)
    awesome_print (1.1.0)
    bunny (0.9.3)
      amq-protocol (>= 1.6.0)
    celluloid (0.14.1)
      timers (>= 1.0.0)
    coderay (1.0.9)
    hiredis (0.4.5)
    method_source (0.8.1)
    oj (2.1.4)
    pry (0.9.12.2)
      coderay (~> 1.0.5)
      method_source (~> 0.8)
      slop (~> 3.4)
    redis (3.0.4)
    slop (3.4.5)
    timers (1.1.0)
    uuidtools (2.1.4)

PLATFORMS
  ruby

DEPENDENCIES
  awesome_print
  bunny
  celluloid
  hiredis
  oj
  pry
  redis
  uuidtools
