GEM
  remote: https://rubygems.org/
  specs:
    awesome_print (1.1.0)
    bunny (0.8.0)
    celluloid (0.14.1)
      timers (>= 1.0.0)
    hiredis (0.4.5)
    oj (2.0.14)
    redis (3.0.4)
    timers (1.1.0)
    uuidtools (2.1.4)

PLATFORMS
  ruby

DEPENDENCIES
  awesome_print
  bunny
  celluloid
  hiredis
  oj
  redis
  uuidtools
